GEM
  remote: http://rubygems.org/
  specs:
    bacon (1.1.0)
    dispatch (0.0.1)
    rack (1.2.2)

PLATFORMS
  ruby

DEPENDENCIES
  bacon
  dispatch
  rack
